GEM
  remote: https://rubygems.org/
  specs:
    imgkit (1.6.2)
    wkhtmltoimage-binary (0.12.5)

PLATFORMS
  ruby

DEPENDENCIES
  imgkit
  wkhtmltoimage-binary

BUNDLED WITH
   1.17.3
